GEM
  remote: https://rubygems.org/
  specs:
    sass (3.4.10)

PLATFORMS
  ruby

DEPENDENCIES
  sass (~> 3.4.0)
